GEM
  remote: https://rubygems.org/
  specs:
    actioncable (5.0.4)
      actionpack (= 5.0.4)
      nio4r (>= 1.2, < 3.0)
      websocket-driver (~> 0.6.1)
    actionmailer (5.0.4)
      actionpack (= 5.0.4)
      actionview (= 5.0.4)
      activejob (= 5.0.4)
      mail (~> 2.5, >= 2.5.4)
      rails-dom-testing (~> 2.0)
    actionpack (5.0.4)
      actionview (= 5.0.4)
      activesupport (= 5.0.4)
      rack (~> 2.0)
      rack-test (~> 0.6.3)
      rails-dom-testing (~> 2.0)
      rails-html-sanitizer (~> 1.0, >= 1.0.2)
    actionview (5.0.4)
      activesupport (= 5.0.4)
      builder (~> 3.1)
      erubis (~> 2.7.0)
      rails-dom-testing (~> 2.0)
      rails-html-sanitizer (~> 1.0, >= 1.0.3)
    activejob (5.0.4)
      activesupport (= 5.0.4)
      globalid (>= 0.3.6)
    activemodel (5.0.4)
      activesupport (= 5.0.4)
    activerecord (5.0.4)
      activemodel (= 5.0.4)
      activesupport (= 5.0.4)
      arel (~> 7.0)
    activesupport (5.0.4)
      concurrent-ruby (~> 1.0, >= 1.0.2)
      i18n (~> 0.7)
      minitest (~> 5.1)
      tzinfo (~> 1.1)
    addressable (2.5.1)
      public_suffix (~> 2.0, >= 2.0.2)
    arel (7.1.4)
    ast (2.3.0)
    autoprefixer-rails (7.1.1.2)
      execjs
    aws-sdk (2.10.7)
      aws-sdk-resources (= 2.10.7)
    aws-sdk-core (2.10.7)
      aws-sigv4 (~> 1.0)
      jmespath (~> 1.0)
    aws-sdk-rails (1.0.1)
      aws-sdk-resources (~> 2)
      railties (>= 3)
    aws-sdk-resources (2.10.7)
      aws-sdk-core (= 2.10.7)
    aws-sigv4 (1.0.0)
    bindex (0.5.0)
    bootstrap-sass (3.3.7)
      autoprefixer-rails (>= 5.2.1)
      sass (>= 3.3.4)
    bugsnag (5.3.3)
    builder (3.2.3)
    bundler-audit (0.5.0)
      bundler (~> 1.2)
      thor (~> 0.18)
    byebug (9.0.6)
    capybara (2.14.4)
      addressable
      mime-types (>= 1.16)
      nokogiri (>= 1.3.3)
      rack (>= 1.0.0)
      rack-test (>= 0.5.4)
      xpath (~> 2.0)
    coffee-rails (4.2.2)
      coffee-script (>= 2.2.0)
      railties (>= 4.0.0)
    coffee-script (2.4.1)
      coffee-script-source
      execjs
    coffee-script-source (1.12.2)
    concurrent-ruby (1.0.5)
    config (1.4.0)
      activesupport (>= 3.0)
      deep_merge (~> 1.1.1)
    crack (0.4.3)
      safe_yaml (~> 1.0.0)
    css_parser (1.5.0)
      addressable
    deep_merge (1.1.1)
    diff-lcs (1.3)
    erubis (2.7.0)
    execjs (2.7.0)
    faraday (0.12.1)
      multipart-post (>= 1.2, < 3)
    faraday_middleware (0.11.0.1)
      faraday (>= 0.7.4, < 1.0)
    font-awesome-sass (4.7.0)
      sass (>= 3.2)
    globalid (0.4.0)
      activesupport (>= 4.2.0)
    hashdiff (0.3.4)
    hashie (3.5.5)
    i18n (0.8.4)
    jmespath (1.3.1)
    json (1.8.6)
    kgio (2.11.0)
    launchy (2.4.3)
      addressable (~> 2.3)
    letter_opener (1.4.1)
      launchy (~> 2.2)
    letter_opener_web (1.3.1)
      actionmailer (>= 3.2)
      letter_opener (~> 1.0)
      railties (>= 3.2)
    libv8 (3.16.14.19)
    loofah (2.0.3)
      nokogiri (>= 1.5.9)
    mail (2.6.6)
      mime-types (>= 1.16, < 4)
    method_source (0.8.2)
    mime-types (3.1)
      mime-types-data (~> 3.2015)
    mime-types-data (3.2016.0521)
    mini_portile2 (2.2.0)
    minitest (5.10.2)
    modernizr-rails (2.7.1)
    multipart-post (2.0.0)
    newrelic_rpm (4.2.0.334)
    nio4r (2.1.0)
    nokogiri (1.8.0)
      mini_portile2 (~> 2.2.0)
    parallel (1.11.2)
    parser (2.4.0.0)
      ast (~> 2.2)
    powerpack (0.1.1)
    public_suffix (2.0.5)
    rack (2.0.3)
    rack-test (0.6.3)
      rack (>= 1.0)
    rails (5.0.4)
      actioncable (= 5.0.4)
      actionmailer (= 5.0.4)
      actionpack (= 5.0.4)
      actionview (= 5.0.4)
      activejob (= 5.0.4)
      activemodel (= 5.0.4)
      activerecord (= 5.0.4)
      activesupport (= 5.0.4)
      bundler (>= 1.3.0, < 2.0)
      railties (= 5.0.4)
      sprockets-rails (>= 2.0.0)
    rails-dom-testing (2.0.3)
      activesupport (>= 4.2.0)
      nokogiri (>= 1.6)
    rails-html-sanitizer (1.0.3)
      loofah (~> 2.0)
    railties (5.0.4)
      actionpack (= 5.0.4)
      activesupport (= 5.0.4)
      method_source
      rake (>= 0.8.7)
      thor (>= 0.18.1, < 2.0)
    rainbow (2.2.2)
      rake
    raindrops (0.18.0)
    rake (12.0.0)
    rdoc (4.3.0)
    redcarpet (3.4.0)
    ref (2.0.0)
    roadie (3.2.2)
      css_parser (~> 1.4)
      nokogiri (~> 1.5)
    roadie-rails (1.2.1)
      railties (>= 3.0, < 5.2)
      roadie (~> 3.1)
    rspec-core (3.6.0)
      rspec-support (~> 3.6.0)
    rspec-expectations (3.6.0)
      diff-lcs (>= 1.2.0, < 2.0)
      rspec-support (~> 3.6.0)
    rspec-mocks (3.6.0)
      diff-lcs (>= 1.2.0, < 2.0)
      rspec-support (~> 3.6.0)
    rspec-rails (3.6.0)
      actionpack (>= 3.0)
      activesupport (>= 3.0)
      railties (>= 3.0)
      rspec-core (~> 3.6.0)
      rspec-expectations (~> 3.6.0)
      rspec-mocks (~> 3.6.0)
      rspec-support (~> 3.6.0)
    rspec-support (3.6.0)
    rubocop (0.49.1)
      parallel (~> 1.10)
      parser (>= 2.3.3.1, < 3.0)
      powerpack (~> 0.1)
      rainbow (>= 1.99.1, < 3.0)
      ruby-progressbar (~> 1.7)
      unicode-display_width (~> 1.0, >= 1.0.1)
    ruby-progressbar (1.8.1)
    safe_yaml (1.0.4)
    sass (3.4.24)
    sass-rails (5.0.6)
      railties (>= 4.0.0, < 6)
      sass (~> 3.1)
      sprockets (>= 2.8, < 4.0)
      sprockets-rails (>= 2.0, < 4.0)
      tilt (>= 1.1, < 3)
    sdoc (0.4.2)
      json (~> 1.7, >= 1.7.7)
      rdoc (~> 4.0)
    simple_form (3.5.0)
      actionpack (> 4, < 5.2)
      activemodel (> 4, < 5.2)
    sitemap_generator (6.0.0)
      builder (~> 3.0)
    spring (2.0.2)
      activesupport (>= 4.2)
    sprockets (3.7.1)
      concurrent-ruby (~> 1.0)
      rack (> 1, < 3)
    sprockets-rails (3.2.0)
      actionpack (>= 4.0)
      activesupport (>= 4.0)
      sprockets (>= 3.0.0)
    therubyracer (0.12.3)
      libv8 (~> 3.16.14.15)
      ref
    thor (0.19.4)
    thread_safe (0.3.6)
    tilt (2.0.7)
    timecop (0.9.0)
    tzinfo (1.2.3)
      thread_safe (~> 0.1)
    uglifier (3.2.0)
      execjs (>= 0.3.0, < 3)
    unicode-display_width (1.3.0)
    unicorn (5.3.0)
      kgio (~> 2.6)
      raindrops (~> 0.7)
    vcr (3.0.3)
    web-console (3.5.1)
      actionview (>= 5.0)
      activemodel (>= 5.0)
      bindex (>= 0.4.0)
      railties (>= 5.0)
    webmock (3.0.1)
      addressable (>= 2.3.6)
      crack (>= 0.3.2)
      hashdiff
    websocket-driver (0.6.5)
      websocket-extensions (>= 0.1.0)
    websocket-extensions (0.1.2)
    xpath (2.1.0)
      nokogiri (~> 1.3)

PLATFORMS
  ruby

DEPENDENCIES
  autoprefixer-rails
  aws-sdk
  aws-sdk-rails
  bootstrap-sass
  bugsnag
  bundler-audit
  byebug
  capybara
  coffee-rails
  config
  faraday_middleware
  font-awesome-sass
  hashie
  launchy
  letter_opener_web
  modernizr-rails
  newrelic_rpm
  rails (= 5.0.4)
  redcarpet
  roadie-rails
  rspec-rails
  rubocop
  sass-rails
  sdoc (~> 0.4.0)
  simple_form
  sitemap_generator
  spring
  therubyracer
  timecop
  uglifier
  unicorn
  vcr
  web-console
  webmock

BUNDLED WITH
   1.15.4
